PATH
  remote: .
  specs:
    helm (0.1.0)

GEM
  remote: https://rubygems.org/
  specs:
    coderay (1.1.3)
    method_source (1.0.0)
    minitest (5.14.2)
    pry (0.13.1)
      coderay (~> 1.1)
      method_source (~> 1.0)
    rake (12.3.1)

PLATFORMS
  ruby

DEPENDENCIES
  helm!
  minitest (~> 5.0)
  pry
  rake (~> 12.0)

BUNDLED WITH
   2.1.4
